GEM
  remote: https://rubygems.org/
  specs:
    sounder (1.2.0)

PLATFORMS
  ruby

DEPENDENCIES
  sounder

BUNDLED WITH
   2.0.1
